GEM
  specs:
    line-bot-api (1.2.5)

PLATFORMS
  ruby

DEPENDENCIES
  line-bot-api

BUNDLED WITH
   1.16.1
